RESTRICTION: == net461
NUGET
  remote: https://www.nuget.org/api/v2
    CNTK.CPUOnly (2.4)
      CNTK.Deps.MKL (2.4)
      CNTK.Deps.OpenCV.Zip (2.4)
    CNTK.Deps.MKL (2.4)
    CNTK.Deps.OpenCV.Zip (2.4)
    FAKE (4.64.4)
    FSharp.Data (2.4.4)
    SharpZipLib (0.86)
